PATH
  remote: .
  specs:
    do_username (0.0.2)

GEM
  remote: https://rubygems.org/
  specs:

PLATFORMS
  ruby

DEPENDENCIES
  do_username!

BUNDLED WITH
   2.1.4
